GIT
  remote: git@github.com:phoffer/newrelic-roda.git
  revision: 389f9c252633a4879b27298dcf249233e5f7e483
  specs:
    newrelic-roda (1.1.0)
      newrelic_rpm (~> 3.14, >= 3.14.0.305)
      roda (~> 2.8)

GEM
  remote: https://rubygems.org/
  specs:
    ansi (1.5.0)
    armor (0.0.3)
    awesome_print (1.6.1)
    binding_of_caller (0.7.2)
      debug_inspector (>= 0.0.1)
    builder (3.2.2)
    byebug (8.2.1)
    coderay (1.1.0)
    database_cleaner (1.5.1)
    debug_inspector (0.0.2)
    dotenv (2.0.2)
    git-version-bump (0.15.1)
    httparty (0.13.7)
      json (~> 1.8)
      multi_xml (>= 0.5.2)
    json (1.8.3)
    method_source (0.8.2)
    minitest (5.8.4)
    minitest-reporters (1.1.8)
      ansi
      builder
      minitest (>= 5.0)
      ruby-progressbar
    multi_xml (0.5.5)
    newrelic_rpm (3.17.2.327)
    pg (0.18.4)
    pry (0.10.3)
      coderay (~> 1.1.0)
      method_source (~> 0.8.1)
      slop (~> 3.4)
    pry-byebug (3.3.0)
      byebug (~> 8.0)
      pry (~> 0.10)
    pry-stack_explorer (0.4.9.2)
      binding_of_caller (>= 0.7)
      pry (>= 0.9.11)
    puma (3.0.2)
    rack (1.6.4)
    rack-contrib (1.4.0)
      git-version-bump (~> 0.15)
      rack (~> 1.4)
    rack-indifferent (1.1.0)
      rack (>= 1.5)
    rack-test (0.6.3)
      rack (>= 1.0)
    rake (10.4.2)
    roda (2.11.0)
      rack
    ruby-progressbar (1.7.5)
    sequel (4.29.0)
    sequel-paranoid (0.6.2)
      sequel
    sequel_pg (1.6.17)
      pg (>= 0.8.0)
      sequel (>= 4.0.0)
    shield (2.1.1)
      armor
    shotgun (0.9.1)
      rack (>= 1.0)
    slop (3.6.0)

PLATFORMS
  ruby

DEPENDENCIES
  awesome_print
  database_cleaner
  dotenv
  httparty
  minitest
  minitest-reporters
  newrelic-roda!
  newrelic_rpm
  pg
  pry
  pry-byebug
  pry-stack_explorer
  puma
  rack-contrib
  rack-indifferent
  rack-test
  rake
  roda
  sequel
  sequel-paranoid
  sequel_pg
  shield
  shotgun

BUNDLED WITH
   1.12.5
